PATH
  remote: .
  specs:
    fixturizer (0.4.2)
      mongoid (~> 9.0)
      rake (~> 13.0)
      rspec (~> 3.13.0)
      version (~> 1.1)

GEM
  remote: https://rubygems.org/
  specs:
    activemodel (7.1.3.3)
      activesupport (= 7.1.3.3)
    activesupport (7.1.3.3)
      base64
      bigdecimal
      concurrent-ruby (~> 1.0, >= 1.0.2)
      connection_pool (>= 2.2.5)
      drb
      i18n (>= 1.6, < 2)
      minitest (>= 5.1)
      mutex_m
      tzinfo (~> 2.0)
    ast (2.4.2)
    base64 (0.2.0)
    bigdecimal (3.1.8)
    bson (5.0.0)
    bundle-audit (0.1.0)
      bundler-audit
    bundler-audit (0.9.1)
      bundler (>= 1.2.0, < 3)
      thor (~> 1.0)
    code_statistics (0.2.13)
    concurrent-ruby (1.3.1)
    connection_pool (2.4.1)
    cyclonedx-ruby (1.1.0)
      json (~> 2.2)
      nokogiri (~> 1.8)
      ostruct (~> 0.1)
      rest-client (~> 2.0)
    debride (1.12.0)
      path_expander (~> 1.0)
      ruby_parser (~> 3.20)
      sexp_processor (~> 4.17)
    diff-lcs (1.5.1)
    domain_name (0.6.20240107)
    drb (2.2.1)
    http-accept (1.7.0)
    http-cookie (1.0.5)
      domain_name (~> 0.5)
    i18n (1.14.5)
      concurrent-ruby (~> 1.0)
    json (2.7.2)
    language_server-protocol (3.17.0.3)
    mime-types (3.5.2)
      mime-types-data (~> 3.2015)
    mime-types-data (3.2024.0507)
    minitest (5.23.1)
    mongo (2.20.0)
      bson (>= 4.14.1, < 6.0.0)
    mongoid (9.0.0)
      activemodel (>= 5.1, < 7.2, != 7.0.0)
      concurrent-ruby (>= 1.0.5, < 2.0)
      mongo (>= 2.18.0, < 3.0.0)
    mutex_m (0.2.0)
    netrc (0.11.0)
    nokogiri (1.16.5-x86_64-linux)
      racc (~> 1.4)
    ostruct (0.6.0)
    parallel (1.24.0)
    parser (3.3.1.0)
      ast (~> 2.4.1)
      racc
    path_expander (1.1.1)
    racc (1.7.3)
    rainbow (3.1.1)
    rake (13.2.1)
    regexp_parser (2.9.2)
    rest-client (2.1.0)
      http-accept (>= 1.7.0, < 2.0)
      http-cookie (>= 1.0.2, < 2.0)
      mime-types (>= 1.16, < 4.0)
      netrc (~> 0.8)
    rexml (3.2.8)
      strscan (>= 3.0.9)
    rspec (3.13.0)
      rspec-core (~> 3.13.0)
      rspec-expectations (~> 3.13.0)
      rspec-mocks (~> 3.13.0)
    rspec-core (3.13.0)
      rspec-support (~> 3.13.0)
    rspec-expectations (3.13.0)
      diff-lcs (>= 1.2.0, < 2.0)
      rspec-support (~> 3.13.0)
    rspec-mocks (3.13.1)
      diff-lcs (>= 1.2.0, < 2.0)
      rspec-support (~> 3.13.0)
    rspec-support (3.13.1)
    rubocop (1.63.5)
      json (~> 2.3)
      language_server-protocol (>= 3.17.0)
      parallel (~> 1.10)
      parser (>= 3.3.0.2)
      rainbow (>= 2.2.2, < 4.0)
      regexp_parser (>= 1.8, < 3.0)
      rexml (>= 3.2.5, < 4.0)
      rubocop-ast (>= 1.31.1, < 2.0)
      ruby-progressbar (~> 1.7)
      unicode-display_width (>= 2.4.0, < 3.0)
    rubocop-ast (1.31.3)
      parser (>= 3.3.1.0)
    ruby-progressbar (1.13.0)
    ruby_parser (3.21.0)
      racc (~> 1.5)
      sexp_processor (~> 4.16)
    sexp_processor (4.17.1)
    strscan (3.1.0)
    thor (1.3.1)
    tzinfo (2.0.6)
      concurrent-ruby (~> 1.0)
    unicode-display_width (2.5.0)
    version (1.1.1)
    yard (0.9.36)
    yard-rspec (0.1)
      yard

PLATFORMS
  x86_64-linux

DEPENDENCIES
  bundle-audit (~> 0.1.0)
  code_statistics (~> 0.2.13)
  cyclonedx-ruby (~> 1.1)
  debride (~> 1.12)
  diff-lcs (~> 1.5.1)
  fixturizer!
  rubocop (~> 1.32)
  yard (~> 0.9.27)
  yard-rspec (~> 0.1)

BUNDLED WITH
   2.5.9
